GEM
  remote: https://rubygems.org/
  specs:
    httpclient (2.8.3)
    slack-notifier (2.3.2)

PLATFORMS
  ruby

DEPENDENCIES
  httpclient
  slack-notifier

BUNDLED WITH
   1.17.1
