GEM
  remote: https://rubygems.org/
  specs:
    byebug (10.0.2)
    coderay (1.1.2)
    httpclient (2.8.3)
    method_source (0.9.2)
    pry (0.12.2)
      coderay (~> 1.1.0)
      method_source (~> 0.9.0)
    pry-byebug (3.6.0)
      byebug (~> 10.0)
      pry (~> 0.10)
    slack-notifier (2.3.2)

PLATFORMS
  ruby

DEPENDENCIES
  httpclient
  pry-byebug
  slack-notifier

BUNDLED WITH
   1.17.1
